PATH
  remote: .
  specs:
    changelog-rb (0.2.2)
      activesupport (<= 5.2.8)
      semantic (~> 1.6.1)
      thor (~> 1.2.1)

GEM
  remote: https://rubygems.org/
  specs:
    activesupport (5.2.8)
      concurrent-ruby (~> 1.0, >= 1.0.2)
      i18n (>= 0.7, < 2)
      minitest (~> 5.1)
      tzinfo (~> 1.1)
    ast (2.4.2)
    coderay (1.1.3)
    concurrent-ruby (1.1.10)
    diff-lcs (1.5.0)
    docile (1.4.0)
    erubi (1.10.0)
    flay (2.13.0)
      erubi (~> 1.10)
      path_expander (~> 1.0)
      ruby_parser (~> 3.0)
      sexp_processor (~> 4.0)
    flog (4.6.6)
      path_expander (~> 1.0)
      ruby_parser (~> 3.1, > 3.1.0)
      sexp_processor (~> 4.8)
    i18n (1.10.0)
      concurrent-ruby (~> 1.0)
    json (2.6.2)
    method_source (1.0.0)
    minitest (5.16.1)
    parallel (1.22.1)
    parser (3.1.2.0)
      ast (~> 2.4.1)
    path_expander (1.1.1)
    pry (0.14.1)
      coderay (~> 1.1)
      method_source (~> 1.0)
    rainbow (3.1.1)
    rake (13.0.6)
    regexp_parser (2.5.0)
    rexml (3.2.5)
    rspec (3.11.0)
      rspec-core (~> 3.11.0)
      rspec-expectations (~> 3.11.0)
      rspec-mocks (~> 3.11.0)
    rspec-core (3.11.0)
      rspec-support (~> 3.11.0)
    rspec-expectations (3.11.0)
      diff-lcs (>= 1.2.0, < 2.0)
      rspec-support (~> 3.11.0)
    rspec-mocks (3.11.1)
      diff-lcs (>= 1.2.0, < 2.0)
      rspec-support (~> 3.11.0)
    rspec-support (3.11.0)
    rubocop (1.31.1)
      json (~> 2.3)
      parallel (~> 1.10)
      parser (>= 3.1.0.0)
      rainbow (>= 2.2.2, < 4.0)
      regexp_parser (>= 1.8, < 3.0)
      rexml (>= 3.2.5, < 4.0)
      rubocop-ast (>= 1.18.0, < 2.0)
      ruby-progressbar (~> 1.7)
      unicode-display_width (>= 1.4.0, < 3.0)
    rubocop-ast (1.18.0)
      parser (>= 3.1.1.0)
    ruby-progressbar (1.11.0)
    ruby_parser (3.19.1)
      sexp_processor (~> 4.16)
    semantic (1.6.1)
    sexp_processor (4.16.1)
    simplecov (0.21.2)
      docile (~> 1.1)
      simplecov-html (~> 0.11)
      simplecov_json_formatter (~> 0.1)
    simplecov-html (0.12.3)
    simplecov_json_formatter (0.1.4)
    thor (1.2.1)
    thread_safe (0.3.6)
    tzinfo (1.2.9)
      thread_safe (~> 0.1)
    unicode-display_width (2.2.0)

PLATFORMS
  x86_64-darwin-19
  x86_64-darwin-20
  x86_64-linux

DEPENDENCIES
  bundler
  changelog-rb!
  flay (~> 2.13)
  flog (~> 4.6, >= 4.6.5)
  pry (~> 0.14.1)
  rake (~> 13.0.6)
  rspec (~> 3.11.0)
  rubocop (~> 1.31.1)
  simplecov

BUNDLED WITH
   2.3.26
